GIT
  remote: git://github.com/morhekil/pliny.git
  revision: 899eb62ab3f1e29739da43c38f2c2ec610824e56
  specs:
    pliny (0.0.3)
      activesupport (~> 4.1, >= 4.1.0)
      http_accept (~> 0.1, >= 0.1.5)
      multi_json (~> 1.9, >= 1.9.3)
      prmd (~> 0.1, >= 0.1.1)
      sinatra (~> 1.4, >= 1.4.5)
      sinatra-router (~> 0.2, >= 0.2.3)

GEM
  remote: https://rubygems.org/
  specs:
    activesupport (4.1.1)
      i18n (~> 0.6, >= 0.6.9)
      json (~> 1.7, >= 1.7.7)
      minitest (~> 5.1)
      thread_safe (~> 0.1)
      tzinfo (~> 1.1)
    backports (3.6.0)
    committee (1.2.0)
      json_schema (~> 0.1)
      multi_json (> 0.0)
      rack (> 0.0)
    diff-lcs (1.2.5)
    dotenv (0.11.1)
      dotenv-deployment (~> 0.0.2)
    dotenv-deployment (0.0.2)
    erubis (2.7.0)
    foreman (0.71.0)
      dotenv (~> 0.11.1)
      thor (~> 0.19.1)
    honeybadger (1.14.0)
      json
    http_accept (0.1.5)
    i18n (0.6.9)
    json (1.8.1)
    json_schema (0.1.4)
    minitest (5.3.4)
    multi_json (1.10.1)
    oj (2.9.5)
    prmd (0.3.2)
      erubis (~> 2.7)
    puma (2.8.2)
      rack (>= 1.1, < 2.0)
    rack (1.5.2)
    rack-protection (1.5.3)
      rack
    rack-ssl (1.4.1)
      rack
    rack-test (0.6.2)
      rack (>= 1.0)
    rake (10.3.2)
    rr (1.1.2)
    rspec-core (3.0.0)
      rspec-support (~> 3.0.0)
    rspec-expectations (3.0.0)
      diff-lcs (>= 1.2.0, < 2.0)
      rspec-support (~> 3.0.0)
    rspec-support (3.0.0)
    sinatra (1.4.5)
      rack (~> 1.4)
      rack-protection (~> 1.4)
      tilt (~> 1.3, >= 1.3.4)
    sinatra-contrib (1.4.2)
      backports (>= 2.0)
      multi_json
      rack-protection
      rack-test
      sinatra (~> 1.4.0)
      tilt (~> 1.3)
    sinatra-router (0.2.3)
      sinatra (~> 1.4)
    thor (0.19.1)
    thread_safe (0.3.4)
    tilt (1.4.1)
    tzinfo (1.2.1)
      thread_safe (~> 0.1)

PLATFORMS
  ruby

DEPENDENCIES
  committee
  foreman
  honeybadger
  multi_json
  oj
  pliny!
  puma
  rack-ssl
  rack-test
  rake
  rr
  rspec-core
  rspec-expectations
  sinatra
  sinatra-contrib
  sinatra-router
